GEM
  remote: https://rubygems.org/
  specs:
    actioncable (5.2.6)
      actionpack (= 5.2.6)
      nio4r (~> 2.0)
      websocket-driver (>= 0.6.1)
    actionmailer (5.2.6)
      actionpack (= 5.2.6)
      actionview (= 5.2.6)
      activejob (= 5.2.6)
      mail (~> 2.5, >= 2.5.6)
      rails-dom-testing (~> 2.0)
    actionpack (5.2.6)
      actionview (= 5.2.6)
      activesupport (= 5.2.6)
      rack (~> 2.2.3)
      rack-test (>= 0.6.3)
      rails-dom-testing (~> 2.0)
      rails-html-sanitizer (~> 1.3, >= 1.3.0)
    actionview (5.2.6)
      activesupport (= 5.2.6)
      builder (~> 3.2.3)
      erubi (~> 1.5)
      rails-dom-testing (~> 2.0)
      rails-html-sanitizer (~> 1.3, >= 1.3.2)
    activejob (5.2.6)
      activesupport (= 5.2.6)
      globalid (>= 0.3.6)
    activemodel (5.2.6)
      activesupport (= 5.2.6)
    activerecord (5.2.6)
      activemodel (= 5.2.6)
      activesupport (= 5.2.6)
      arel (>= 9.0)
    activestorage (5.2.6)
      actionpack (= 5.2.6)
      activerecord (= 5.2.6)
      marcel (~> 1.0.1)
    activesupport (5.2.6)
      concurrent-ruby (~> 1.0, >= 1.0.2)
      i18n (>= 0.7, < 2.0)
      minitest (~> 5.1)
      tzinfo (~> 1.1)
    arel (9.0.0)
    bcrypt (3.1.16)
    builder (3.2.4)
    capybara (3.36.0)
      addressable
      matrix
      mini_mime (>= 1.0.2)
      nokogiri (~> 1.8)
      rack (>= 1.11.0)
      rack-test (>= 0.6.4)
      regexp_parser (>= 1.8.1)
      xpath (~> 3.2)
    childprocess (4.1.0)
      ffi (~> 1.12, >= 1.12.1)
    coderay (1.1.3)
    concurrent-ruby (1.1.9)
    database_cleaner (2.1.0)
    erubi (1.10.0)
    factory_bot (6.2.0)
      activesupport (>= 5.0.0)
    factory_bot_rails (6.1.0)
      factory_bot (~> 6.1.0)
      railties (>= 5.0.0)
    ffi (1.15.4)
    flickraw (0.12.10)
    globalid (0.3.7)
      activesupport (>= 4.2.0)
    i18n (1.8.10)
      concurrent-ruby (~> 1.0)
    listen (3.7.0)
      forwardable-extended (>= 2.6.1, < 3)
      rb-inotify (~> 0.9, >= 0.9.10)
      rubocop-ast (>= 0.0.3, < 2.0)
      ruby_dep (>= 1.5.0, < 2)
    loofah (2.13.0)
      nokogiri (>= 1.5.9)
    matrix (0.4.1)
    method_source (1.0.0)
    mini_mime (1.4.4)
    mini_portile2 (2.5.1)
    mini_magick (4.11.0)
      mini_mime (~> 1.0)
    minitest (5.14.4)
    msgpack (1.4.3)
    mysql2 (0.5.2)
    nio4r (2.5.8)
    nokogiri (1.11.7)
      mini_portile2 (~> 2.5.0)
      racc (~> 1.8, >= 1.8.6)
    parser (3.0.2.0)
      ast (~> 2.4.1)
    powerpack (0.2.2)
    public_suffix (4.1.1)
    puma (3.12.7)
    rack (2.2.3)
    rack-protection (2.1.0)
      rack
    rack-test (1.1.0)
      rack (>= 1.0, < 3)
    rails (5.2.6)
      actioncable (= 5.2.6)
      actionmailer (= 5.2.6)
      actionpack (= 5.2.6)
      actionview (= 5.2.6)
      activejob (= 5.2.6)
      activemodel (= 5.2.6)
      activerecord (= 5.2.6)
      activestorage (= 5.2.6)
      activesupport (= 5.2.6)
      bundler (>= 1.3.0)
      railties (= 5.2.6)
      sprockets-rails (>= 2.0.0)
    rails-dom-testing (2.0.3)
      activesupport (>= 4.2.0)
      nokogiri (>= 1.6)
    rails-html-sanitizer (1.4.2)
      loofah (~> 2.9, >= 2.3.1)
    railties (5.2.6)
      actionpack (= 5.2.6)
      activesupport (= 5.2.6)
      method_source
      rake (>= 0.8.7)
      thor (>= 0.20.3, < 2.0)
    rainbow (3.0.0)
    rake (13.0.6)
    rdoc (6.3.3)
    regexp_parser (2.1.1)
    roadie (4.0.1)
      actionmailer (>= 3.0)
      actionpack (>= 3.0)
      activemodel (>= 3.0)
      rails (>= 3.0)
      roadie-rails (~> 2.0)
    roadie-rails (2.1.1)
      actionmailer (>= 3.2)
      actionpack (>= 3.2)
      actionview (>= 3.2)
      railties (>= 3.2)
    rspec-core (3.10.1)
      rspec-support (~> 3.10.0)
    rspec-expectations (3.10.1)
      diff-lcs (>= 1.2.0, < 2.0)
      rspec-support (~> 3.10.0)
    rspec-mocks (3.10.2)
      diff-lcs (>= 1.2.0, < 2.0)
      rspec-support (~> 3.10.0)
    rspec-rails (5.0.0)
      rspec-core (~> 3.10.0)
      rspec-expectations (~> 3.10.0)
      rspec-mocks (~> 3.10.0)
      rspec-support (~> 3.10.0)
    rspec-support (3.10.2)
    rubyzip (2.3.3)
    rubocop (1.10.0)
      jaro_winkler (~> 1.8.0)
      parallel (~> 1.8)
      parser (>= 3.5.1, < 4.0)
      rainbow (>= 2.2.2, < 4.0)
      ruby-progressbar (~> 1.7)
      unicode-display_width (>= 1.4.0, < 2.0)
    rubocop-ast (1.5.1)
      parser (>= 3.0.0, < 4.0)
    rubocop-rails (2.10.3)
      rubocop (~> 1.8)
    rubocop-rspec (2.7.0)
      rubocop (~> 1.8)
      rubocop-rails (~> 2.10)
    ruby-progressbar (1.11.0)
    ruby_dep (1.5.0)
    selenium-webdriver (4.8.2)
      selenium-api (= 4.8.2)
      selenium-chrome-driver (= 4.8.2)
      selenium-edge-driver (= 4.8.2)
      selenium-firefox-driver (= 4.8.2)
      selenium-ie-driver (= 4.8.2)
      selenium-opera-driver (= 4.8.2)
      selenium-safari-driver (= 4.8.2)
      selenium-support (= 4.8.2)
    selenium-webdriver (3.142.7)
      childprocess (~> 4.1)
      rubyzip (>= 1.2.2)
    spring (2.1.1)
    spring-watcher-listen (2.0.1)
      listen (>= 2.7, < 4.1)
      spring (~> 2.0)
    sprockets (3.7.2)
      concurrent-ruby (~> 1.0)
      rack (> 1, < 3)
    sprockets-rails (3.2.2)
      actionpack (>= 4.0)
      activesupport (>= 4.0)
      sprockets (>= 3.0.0)
    thor (1.1.0)
    thread_safe (0.3.6)
    tilt (2.0.10)
    tzinfo (1.2.9)
      thread_safe (~> 0.1)
    unicorn (5.9.0)
      kgio (~> 2.6)
      rack
      raindrops (~> 0.8)
    unicode-display_width (1.7.0)
    webmock (3.15.2)
      addressable (>= 2.8)
      crack (>= 0.3.2)
      hashdiff (>= 0.4.0, < 2.0)
      rubyzip (>= 1.0.0)
    websocket-driver (0.7.4)
      websocket-extensions (>= 0.1.0)
    websocket-extensions (0.1.5)
    xpath (3.2.0)
      nokogiri (~> 1.8)
    yard (0.9.27)
      RedCloth (~> 4.0)
      kramdown (~> 1.0)
      yard-tomdoc (~> 0.1.0)

PLATFORMS
  ruby

DEPENDENCIES
  bcrypt (>= 3.1.12, < 4.0)
  capybara (>= 3.36.0, < 4)
  database_cleaner (>= 2.1.0, < 2.2)
  factory_bot_rails (>= 6.1.0, < 6.2)
  flickraw (>= 0.12.10, < 2.0)
  i18n (>= 1.8.10, < 2.2)
  listen (>= 3.7.0, < 4.0)
  mini_magick (>= 4.11.0, < 5.0)
  mysql2 (>= 0.5.2, < 0.6.0)
  nokogiri (>= 1.11.7, < 2.0)
  rails (= 5.2.6)
  rubocop (>= 1.10.0)
  rubocop-rails (>= 2.10.3)
  rubocop-rspec (>= 2.7.0)
  selenium-webdriver (= 4.8.2)
  spring (>= 2.1.1)
  webmock (>= 3.15.2, < 4.0.0)
  yard (>= 0.9.27, < 1.0)

BUNDLED WITH
   2.2.25